PATH
  remote: .
  specs:
    tropo_rest (0.0.1)
      faraday (~> 0.5.3)
      faraday_middleware (~> 0.3.1)
      hashie (~> 0.4.0)
      multi_json (~> 0.0.5)
      multi_xml (~> 0.2.0)

GEM
  remote: http://rubygems.org/
  specs:
    addressable (2.2.2)
    archive-tar-minitar (0.5.2)
    autotest (4.3.2)
    autotest-fsevent (0.2.4)
      sys-uname
    autotest-growl (0.2.9)
    columnize (0.3.2)
    crack (0.1.8)
    diff-lcs (1.1.2)
    faraday (0.5.3)
      addressable (~> 2.2.2)
      multipart-post (~> 1.0.1)
      rack (>= 1.1.0, < 2)
    faraday_middleware (0.3.1)
      faraday (~> 0.5.3)
    hashie (0.4.0)
    json (1.4.6)
    json (1.4.6-java)
    linecache19 (0.5.11)
      ruby_core_source (>= 0.1.4)
    multi_json (0.0.5)
    multi_xml (0.2.0)
    multipart-post (1.0.1)
    nokogiri (1.4.4)
    nokogiri (1.4.4-java)
      weakling (>= 0.0.3)
    rack (1.2.1)
    rake (0.8.7)
    rspec (2.3.0)
      rspec-core (~> 2.3.0)
      rspec-expectations (~> 2.3.0)
      rspec-mocks (~> 2.3.0)
    rspec-core (2.3.1)
    rspec-expectations (2.3.0)
      diff-lcs (~> 1.1.2)
    rspec-mocks (2.3.0)
    ruby-debug-base19 (0.11.24)
      columnize (>= 0.3.1)
      linecache19 (>= 0.5.11)
      ruby_core_source (>= 0.1.4)
    ruby-debug19 (0.11.6)
      columnize (>= 0.3.1)
      linecache19 (>= 0.5.11)
      ruby-debug-base19 (>= 0.11.19)
    ruby_core_source (0.1.4)
      archive-tar-minitar (>= 0.5.2)
    sys-uname (0.8.5)
    weakling (0.0.4-java)
    webmock (1.6.1)
      addressable (>= 2.2.2)
      crack (>= 0.1.7)
    yard (0.6.4)

PLATFORMS
  java
  ruby

DEPENDENCIES
  autotest (~> 4.3.2)
  autotest-fsevent (~> 0.2.4)
  autotest-growl (~> 0.2.9)
  bundler (>= 1.0.0)
  faraday (~> 0.5.3)
  faraday_middleware (~> 0.3.1)
  hashie (~> 0.4.0)
  json (~> 1.4)
  multi_json (~> 0.0.5)
  multi_xml (~> 0.2.0)
  nokogiri (~> 1.4.4)
  rake (~> 0.8.7)
  rspec (~> 2.3.0)
  ruby-debug19
  tropo_rest!
  webmock (~> 1.6.1)
  yard (~> 0.6.4)
